NUGET
  remote: D:\SOFT\Development\VS\NuGet_Repository
  specs:
    FAKE (3.28.5)
    NUnit (2.6.4)
    NUnit.Runners (2.6.4)
    NUnitTestAdapter (2.0.0)
